GEM
  remote: https://rubygems.org/
  specs:
    ast (2.4.1)
    binding_of_caller (0.8.0)
      debug_inspector (>= 0.0.1)
    coderay (1.1.3)
    debug_inspector (0.0.3)
    diff-lcs (1.4.4)
    equatable (0.6.1)
    kramdown (1.16.2)
    method_source (1.0.0)
    necromancer (0.5.1)
    parallel (1.19.2)
    parser (2.7.2.0)
      ast (~> 2.4.1)
    pastel (0.7.4)
      equatable (~> 0.6)
      tty-color (~> 0.5)
    pry (0.13.1)
      coderay (~> 1.1)
      method_source (~> 1.0)
    rainbow (3.0.0)
    regexp_parser (1.8.1)
    rexml (3.2.4)
    rouge (3.24.0)
    rspec (3.9.0)
      rspec-core (~> 3.9.0)
      rspec-expectations (~> 3.9.0)
      rspec-mocks (~> 3.9.0)
    rspec-core (3.9.2)
      rspec-support (~> 3.9.3)
    rspec-expectations (3.9.2)
      diff-lcs (>= 1.2.0, < 2.0)
      rspec-support (~> 3.9.0)
    rspec-mocks (3.9.1)
      diff-lcs (>= 1.2.0, < 2.0)
      rspec-support (~> 3.9.0)
    rspec-support (3.9.3)
    rubocop (0.93.0)
      parallel (~> 1.10)
      parser (>= 2.7.1.5)
      rainbow (>= 2.2.2, < 4.0)
      regexp_parser (>= 1.8)
      rexml
      rubocop-ast (>= 0.6.0)
      ruby-progressbar (~> 1.7)
      unicode-display_width (>= 1.4.0, < 2.0)
    rubocop-ast (0.7.1)
      parser (>= 2.7.1.5)
    ruby-progressbar (1.10.1)
    strings (0.1.8)
      strings-ansi (~> 0.1)
      unicode-display_width (~> 1.5)
      unicode_utils (~> 1.4)
    strings-ansi (0.1.0)
    thor (0.20.3)
    tty (0.10.0)
      bundler (~> 1.16, < 2.0)
      equatable (~> 0.5)
      pastel (~> 0.7.2)
      thor (~> 0.20.0)
      tty-box (~> 0.4.1)
      tty-color (~> 0.5)
      tty-command (~> 0.9.0)
      tty-config (~> 0.3.2)
      tty-cursor (~> 0.7)
      tty-editor (~> 0.5)
      tty-file (~> 0.8.0)
      tty-font (~> 0.4.0)
      tty-logger (~> 0.2.0)
      tty-markdown (~> 0.6.0)
      tty-pager (~> 0.12)
      tty-pie (~> 0.3.0)
      tty-platform (~> 0.2)
      tty-progressbar (~> 0.17)
      tty-prompt (~> 0.19)
      tty-screen (~> 0.7)
      tty-spinner (~> 0.9)
      tty-table (~> 0.11.0)
      tty-tree (~> 0.3)
      tty-which (~> 0.4)
    tty-box (0.4.1)
      pastel (~> 0.7.2)
      strings (~> 0.1.6)
      tty-cursor (~> 0.7)
    tty-color (0.5.2)
    tty-command (0.9.0)
      pastel (~> 0.7.0)
    tty-config (0.3.2)
    tty-cursor (0.7.1)
    tty-editor (0.5.1)
      tty-prompt (~> 0.19)
      tty-which (~> 0.4)
    tty-file (0.8.0)
      diff-lcs (~> 1.3)
      pastel (~> 0.7.2)
      tty-prompt (~> 0.18)
    tty-font (0.4.0)
    tty-logger (0.2.0)
      pastel (~> 0.7.0)
    tty-markdown (0.6.0)
      kramdown (~> 1.16.2)
      pastel (~> 0.7.2)
      rouge (~> 3.3)
      strings (~> 0.1.4)
      tty-color (~> 0.4)
      tty-screen (~> 0.6)
    tty-pager (0.13.0)
      strings (~> 0.1.8)
      tty-screen (~> 0.8)
    tty-pie (0.3.0)
      pastel (~> 0.7.3)
      tty-cursor (~> 0.7)
    tty-platform (0.3.0)
    tty-progressbar (0.17.0)
      strings-ansi (~> 0.1.0)
      tty-cursor (~> 0.7)
      tty-screen (~> 0.7)
      unicode-display_width (~> 1.6)
    tty-prompt (0.21.0)
      necromancer (~> 0.5.0)
      pastel (~> 0.7.0)
      tty-reader (~> 0.7.0)
    tty-reader (0.7.0)
      tty-cursor (~> 0.7)
      tty-screen (~> 0.7)
      wisper (~> 2.0.0)
    tty-screen (0.8.1)
    tty-spinner (0.9.3)
      tty-cursor (~> 0.7)
    tty-table (0.11.0)
      equatable (~> 0.6)
      necromancer (~> 0.5)
      pastel (~> 0.7.2)
      strings (~> 0.1.5)
      tty-screen (~> 0.7)
    tty-tree (0.4.0)
    tty-which (0.4.2)
    unicode-display_width (1.7.0)
    unicode_utils (1.4.0)
    wisper (2.0.1)

PLATFORMS
  ruby

DEPENDENCIES
  binding_of_caller
  pastel
  pry
  rspec
  rubocop
  tty

BUNDLED WITH
   1.17.1
