GEM
  specs:
    binding_of_caller (0.7.2)
      debug_inspector (>= 0.0.1)
    coderay (1.1.2)
    debug_inspector (0.0.3)
    diff-lcs (1.3)
    method_source (0.8.2)
    pry (0.10.1)
      coderay (~> 1.1.0)
      method_source (~> 0.8.1)
      slop (~> 3.4)
    rspec (3.7.0)
      rspec-core (~> 3.7.0)
      rspec-expectations (~> 3.7.0)
      rspec-mocks (~> 3.7.0)
    rspec-core (3.7.0)
      rspec-support (~> 3.7.0)
    rspec-expectations (3.7.0)
      diff-lcs (>= 1.2.0, < 2.0)
      rspec-support (~> 3.7.0)
    rspec-mocks (3.7.0)
      diff-lcs (>= 1.2.0, < 2.0)
      rspec-support (~> 3.7.0)
    rspec-support (3.7.0)
    slop (3.6.0)

PLATFORMS
  ruby

DEPENDENCIES
  binding_of_caller
  pry
  rspec

BUNDLED WITH
   1.16.0
